NUGET
  remote: https://www.nuget.org/api/v2
  specs:
    Autofac (3.5.2)
    Autofac.Mef (3.0.3)
      Autofac (>= 3.3.1 < 4.0.0)
    Common.Logging (3.1.0)
      Common.Logging.Core (>= 3.1.0)
    Common.Logging.Core (3.1.0)
    FAKE (3.34.7)
    FSharp.Compiler.Service (0.0.89)
    FSharp.Core (3.1.2.1)
    Microsoft.Web.Xdt (2.1.1)
    Newtonsoft.Json (6.0.8)
    NuGet.CommandLine (2.8.5)
    NuGet.Core (2.8.5)
      Microsoft.Web.Xdt (>= 2.1.0)
    ScriptCs.Contracts (0.14.1)
    ScriptCs.Core (0.14.1)
      Common.Logging (>= 2.1.2)
      ScriptCs.Contracts (>= 0.14.1)
    ScriptCs.Hosting (0.14.1)
      Autofac.Mef (>= 3.0.3)
      Common.Logging (>= 2.1.2)
      Newtonsoft.Json (>= 6.0.3)
      NuGet.Core (>= 2.8.5)
      ScriptCs.Core (>= 0.14.1)
    SourceLink.Fake (0.5.0)
